GEM
  remote: https://rubygems.org/
  specs:
    actionmailer (2.3.8)
      actionpack (= 2.3.8)
    actionpack (2.3.8)
      activesupport (= 2.3.8)
      rack (~> 1.1.0)
    activerecord (2.3.8)
      activesupport (= 2.3.8)
    activerecord-postgresql-adapter (0.0.1)
      pg
    activeresource (2.3.8)
      activesupport (= 2.3.8)
    activesupport (2.3.8)
    pg (0.18.0)
    rack (1.1.6)
    rails (2.3.8)
      actionmailer (= 2.3.8)
      actionpack (= 2.3.8)
      activerecord (= 2.3.8)
      activeresource (= 2.3.8)
      activesupport (= 2.3.8)
      rake (>= 0.8.3)
    rake (12.0.0)

PLATFORMS
  ruby

DEPENDENCIES
  activerecord-postgresql-adapter
  bundler
  pg (= 0.18.0)
  rails (= 2.3.8)

RUBY VERSION
   ruby 1.9.3p484

BUNDLED WITH
   1.14.4
